FRAMEWORK: NET451
NUGET
  remote: https://www.nuget.org/api/v2
  specs:
    NUnit (3.0.1)
    System.Data.SQLite.Core (1.0.99)
