NUGET
  remote: https://www.nuget.org/api/v2
  specs:
    NUnit (3.0.1)
